GEM
  remote: https://rubygems.org/
  specs:
    rack (2.0.1)
    sass (3.4.22)

PLATFORMS
  ruby

DEPENDENCIES
  rack
  sass

RUBY VERSION
   ruby 2.3.1p112

BUNDLED WITH
   1.13.0
